PATH
  remote: .
  specs:
    eltiempo (0.1.0)
      byebug
      httparty
      rspec
      thor (~> 0.20)

GEM
  remote: https://rubygems.org/
  specs:
    byebug (11.0.1)
    diff-lcs (1.5.0)
    httparty (0.21.0)
      mini_mime (>= 1.0.0)
      multi_xml (>= 0.5.2)
    mini_mime (1.1.2)
    multi_xml (0.6.0)
    rake (12.3.3)
    rspec (3.9.0)
      rspec-core (~> 3.9.0)
      rspec-expectations (~> 3.9.0)
      rspec-mocks (~> 3.9.0)
    rspec-core (3.9.2)
      rspec-support (~> 3.9.3)
    rspec-expectations (3.9.4)
      diff-lcs (>= 1.2.0, < 2.0)
      rspec-support (~> 3.9.0)
    rspec-mocks (3.9.1)
      diff-lcs (>= 1.2.0, < 2.0)
      rspec-support (~> 3.9.0)
    rspec-support (3.9.3)
    thor (0.20.3)

PLATFORMS
  ruby

DEPENDENCIES
  byebug
  eltiempo!
  rake (~> 12.0)
  rspec

BUNDLED WITH
   2.1.4
